GIT
  remote: https://github.com/bhaberer/cinch-test
  revision: f5155d777eb574d728940bad02d1edd80aa48877
  specs:
    cinch-test (0.1.1)
      cinch (~> 2)

GEM
  remote: https://rubygems.org/
  specs:
    cinch (2.2.6)
    diff-lcs (1.2.5)
    mini_portile (0.6.2)
    mysql2 (0.4.1)
    nokogiri (1.6.6.2)
      mini_portile (~> 0.6.0)
    rspec (3.3.0)
      rspec-core (~> 3.3.0)
      rspec-expectations (~> 3.3.0)
      rspec-mocks (~> 3.3.0)
    rspec-core (3.3.2)
      rspec-support (~> 3.3.0)
    rspec-expectations (3.3.1)
      diff-lcs (>= 1.2.0, < 2.0)
      rspec-support (~> 3.3.0)
    rspec-mocks (3.3.2)
      diff-lcs (>= 1.2.0, < 2.0)
      rspec-support (~> 3.3.0)
    rspec-support (3.3.0)
    sequel (4.26.0)

PLATFORMS
  ruby

DEPENDENCIES
  cinch (= 2.2.6)
  cinch-test!
  mysql2
  nokogiri
  rspec
  sequel

BUNDLED WITH
   1.10.6
