GEM
  remote: http://rubygems.org/
  specs:
    cinch (2.1.0)
    diff-lcs (1.1.3)
    filmbuff (0.1.6)
      httparty (~> 0.8.3)
      httparty-icebox (~> 0.0.4)
    httparty (0.8.3)
      multi_json (~> 1.0)
      multi_xml
    httparty-icebox (0.0.4)
      httparty (~> 0.8.1)
    multi_json (1.5.0)
    multi_xml (0.5.1)
    mysql2 (0.3.16)
    nokogiri (1.5.6)
    rspec (2.12.0)
      rspec-core (~> 2.12.0)
      rspec-expectations (~> 2.12.0)
      rspec-mocks (~> 2.12.0)
    rspec-core (2.12.0)
    rspec-expectations (2.12.0)
      diff-lcs (~> 1.1.3)
    rspec-mocks (2.12.0)
    sequel (4.16.0)

PLATFORMS
  ruby

DEPENDENCIES
  cinch (= 2.1.0)
  filmbuff
  mysql2
  nokogiri
  rspec
  sequel
